GEM
  remote: http://rubygems.org/
  specs:
    architecture-js (0.1.9)
      fssm
      fssm (~> 0.2.8.1)
      jsmin
      jsmin (~> 1.0.1)
      sprockets (= 1.0.2)
      sprockets (= 1.0.2)
    childprocess (0.3.0)
      ffi (~> 1.0.6)
    diff-lcs (1.1.3)
    ffi (1.0.11)
    fssm (0.2.8.1)
    git (1.2.5)
    jasmine (1.1.2)
      jasmine-core (>= 1.1.0)
      rack (>= 1.1)
      rspec (>= 1.3.1)
      selenium-webdriver (>= 0.1.3)
    jasmine-core (1.1.0)
    jeweler (1.8.3)
      bundler (~> 1.0)
      git (>= 1.2.5)
      rake
      rdoc
    jsmin (1.0.1)
    json (1.6.5)
    multi_json (1.0.4)
    rack (1.4.1)
    rake (0.9.2.2)
    rdoc (3.12)
      json (~> 1.4)
    rspec (2.8.0)
      rspec-core (~> 2.8.0)
      rspec-expectations (~> 2.8.0)
      rspec-mocks (~> 2.8.0)
    rspec-core (2.8.0)
    rspec-expectations (2.8.0)
      diff-lcs (~> 1.1.2)
    rspec-mocks (2.8.0)
    rubyzip (0.9.5)
    selenium-webdriver (2.18.0)
      childprocess (>= 0.2.5)
      ffi (~> 1.0.9)
      multi_json (~> 1.0.4)
      rubyzip
    simplecov (0.5.4)
      multi_json (~> 1.0.3)
      simplecov-html (~> 0.5.3)
    simplecov-html (0.5.3)
    sprockets (1.0.2)

PLATFORMS
  ruby

DEPENDENCIES
  architecture-js (~> 0.1.9)
  bundler (~> 1.0.0)
  jasmine (~> 1.1.2)
  jeweler (~> 1.8.3)
  rspec (~> 2.8.0)
  simplecov
